GIT
  remote: git://github.com/gitlabhq/grit.git
  revision: 28ba79cbf65eab76358bb8519852a59aa7c2883f
  specs:

GEM
  remote: https://rubygems.org/
  specs:
    addressable (2.3.3)
    backports (3.3.0)
    daemons (1.1.9)
    dandelion (0.3.11)
      grit (>= 2.4.1)
    diff-lcs (1.2.4)
    eventmachine (1.0.3)
    grit (2.5.0)
      diff-lcs (~> 1.1)
      mime-types (~> 1.15)
      posix-spawn (~> 0.3.6)
    mime-types (1.23)
    net-sftp (2.1.2)
      net-ssh (>= 2.6.5)
    net-ssh (2.6.7)
    nokogiri (1.5.9)
    posix-spawn (0.3.6)
    r18n-core (1.1.4)
    rack (1.5.2)
    rack-flash3 (1.0.3)
      rack
    rack-protection (1.5.0)
      rack
    rack-test (0.6.2)
      rack (>= 1.0)
    rspec (2.13.0)
      rspec-core (~> 2.13.0)
      rspec-expectations (~> 2.13.0)
      rspec-mocks (~> 2.13.0)
    rspec-core (2.13.1)
    rspec-expectations (2.13.0)
      diff-lcs (>= 1.1.3, < 2.0)
    rspec-mocks (2.13.1)
    shotgun (0.9)
      rack (>= 1.0)
    sinatra (1.4.2)
      rack (~> 1.5, >= 1.5.2)
      rack-protection (~> 1.4)
      tilt (~> 1.3, >= 1.3.4)
    sinatra-contrib (1.4.0)
      backports (>= 2.0)
      eventmachine
      rack-protection
      rack-test
      sinatra (~> 1.4.2)
      tilt (~> 1.3)
    sinatra-r18n (1.1.4)
      r18n-core (= 1.1.4)
      sinatra (>= 1.3)
    text (1.2.1)
    thin (1.5.1)
      daemons (>= 1.0.9)
      eventmachine (>= 0.12.6)
      rack (>= 1.0.0)
    tilt (1.3.6)
    unicode (0.4.4)

PLATFORMS
  ruby

DEPENDENCIES
  addressable
  dandelion
  grit!
  net-sftp
  nokogiri
  rack-flash3
  rack-test
  rspec
  shotgun
  sinatra
  sinatra-contrib
  sinatra-r18n
  text
  thin
  unicode
