GEM
  remote: https://rubygems.org/
  specs:
    addressable (2.3.5)
    backports (3.3.3)
    daemons (1.1.9)
    dandelion (0.3.12)
      grit (>= 2.4.1)
    diff-lcs (1.2.4)
    eventmachine (1.0.3)
    execjs (2.0.1)
    grit (2.5.0)
      diff-lcs (~> 1.1)
      mime-types (~> 1.15)
      posix-spawn (~> 0.3.6)
    jsmin (1.0.1)
    mail (2.5.4)
      mime-types (~> 1.16)
      treetop (~> 1.4.8)
    mime-types (1.24)
    mini_portile (0.5.1)
    multi_json (1.7.9)
    net-sftp (2.1.2)
      net-ssh (>= 2.6.5)
    net-ssh (2.6.8)
    nokogiri (1.6.0)
      mini_portile (~> 0.5.0)
    polyglot (0.3.3)
    pony (1.5)
      mail (> 2.0)
    posix-spawn (0.3.6)
    r18n-core (1.1.6)
    rack (1.5.2)
    rack-flash3 (1.0.3)
      rack
      rack
    rack-protection (1.5.0)
      rack
    rack-test (0.6.2)
      rack (>= 1.0)
    rake (10.1.0)
    rdiscount (2.1.6)
    rest-client (1.6.7)
      mime-types (>= 1.16)
    rspec (2.14.1)
      rspec-core (~> 2.14.0)
      rspec-expectations (~> 2.14.0)
      rspec-mocks (~> 2.14.0)
    rspec-core (2.14.5)
    rspec-expectations (2.14.2)
      diff-lcs (>= 1.1.3, < 2.0)
    rspec-mocks (2.14.3)
    shotgun (0.9)
      rack (>= 1.0)
    sinatra (1.4.3)
      rack (~> 1.4)
      rack-protection (~> 1.4)
      tilt (~> 1.3, >= 1.3.4)
    sinatra-assetpack (0.2.8)
      jsmin
      rack-test
      sinatra
      tilt (>= 1.3.0)
    sinatra-contrib (1.4.1)
      backports (>= 2.0)
      multi_json
      rack-protection
      rack-test
      sinatra (~> 1.4.0)
      tilt (~> 1.3)
    sinatra-r18n (1.1.6)
      r18n-core (= 1.1.6)
      sinatra (>= 1.3)
    socksify (1.5.0)
    text (1.2.3)
    thin (1.5.1)
      daemons (>= 1.0.9)
      eventmachine (>= 0.12.6)
      rack (>= 1.0.0)
    tilt (1.4.1)
    treetop (1.4.15)
      polyglot
      polyglot (>= 0.3.1)
    uglifier (2.2.0)
      execjs (>= 0.3.0)
      multi_json (~> 1.0, >= 1.0.2)
    unicode (0.4.4)

PLATFORMS
  ruby

DEPENDENCIES
  addressable
  dandelion
  net-sftp
  nokogiri
  pony
  rack-flash3
  rack-test
  rake
  rdiscount
  rest-client
  rspec
  shotgun
  sinatra
  sinatra-assetpack (~> 0.2.2)
  sinatra-contrib
  sinatra-r18n
  socksify
  text
  thin
  uglifier
  unicode
