GEM
  remote: https://rubygems.org/
  specs:
    addressable (2.3.3)
    daemons (1.1.9)
    eventmachine (1.0.3)
    nokogiri (1.5.9)
    r18n-core (1.1.4)
    rack (1.5.2)
    rack-protection (1.5.0)
      rack
    shotgun (0.9)
      rack (>= 1.0)
    sinatra (1.4.2)
      rack (~> 1.5, >= 1.5.2)
      rack-protection (~> 1.4)
      tilt (~> 1.3, >= 1.3.4)
    sinatra-r18n (1.1.4)
      r18n-core (= 1.1.4)
      sinatra (>= 1.3)
    thin (1.5.1)
      daemons (>= 1.0.9)
      eventmachine (>= 0.12.6)
      rack (>= 1.0.0)
    tilt (1.3.6)
    unicode (0.4.4)

PLATFORMS
  ruby

DEPENDENCIES
  addressable
  nokogiri
  shotgun
  sinatra
  sinatra-r18n
  thin
  unicode
